STORAGE: NONE
RESTRICTION: || (== net6.0) (== netstandard2.0) (== netstandard2.1)
NUGET
  remote: https://api.nuget.org/v3/index.json
    FSharp.Core (7.0.200)
    FSharp.Json (0.4.1)
      FSharp.Core (>= 4.6.2)
